GEM
  remote: https://rubygems.org/
  specs:
    ast (2.4.0)
    bitcoin-ruby (0.0.18)
    celluloid (0.17.3)
      celluloid-essentials
      celluloid-extras
      celluloid-fsm
      celluloid-pool
      celluloid-supervision
      timers (>= 4.1.1)
    celluloid-essentials (0.20.5)
      timers (>= 4.1.1)
    celluloid-extras (0.20.5)
      timers (>= 4.1.1)
    celluloid-fsm (0.20.5)
      timers (>= 4.1.1)
    celluloid-io (0.17.3)
      celluloid (>= 0.17.2)
      nio4r (>= 1.1)
      timers (>= 4.1.1)
    celluloid-pool (0.20.5)
      timers (>= 4.1.1)
    celluloid-supervision (0.20.6)
      timers (>= 4.1.1)
    eventmachine (1.2.7)
    hitimes (1.3.0)
    jaro_winkler (1.5.1)
    nio4r (2.3.1)
    parallel (1.12.1)
    parser (2.5.1.2)
      ast (~> 2.4.0)
    powerpack (0.1.2)
    rainbow (3.0.0)
    rubocop (0.58.2)
      jaro_winkler (~> 1.5.1)
      parallel (~> 1.10)
      parser (>= 2.5, != 2.5.1.1)
      powerpack (~> 0.1)
      rainbow (>= 2.2.2, < 4.0)
      ruby-progressbar (~> 1.7)
      unicode-display_width (~> 1.0, >= 1.0.1)
    ruby-progressbar (1.9.0)
    timers (4.1.2)
      hitimes
    unicode-display_width (1.4.0)

PLATFORMS
  ruby

DEPENDENCIES
  bitcoin-ruby
  celluloid
  celluloid-io
  eventmachine
  rubocop

RUBY VERSION
   ruby 2.5.1p57

BUNDLED WITH
   1.16.3
