GEM
  remote: https://rubygems.org/
  specs:
    bitcoin-ruby (0.0.18)

PLATFORMS
  ruby

DEPENDENCIES
  bitcoin-ruby

RUBY VERSION
   ruby 2.5.1p57

BUNDLED WITH
   1.16.3
